PATH
  remote: ../BlocRecord
  specs:
    bloc_record (0.0.0)
      activesupport
      sqlite3 (~> 1.3)

GEM
  remote: https://rubygems.org/
  specs:
    activesupport (5.0.1)
      concurrent-ruby (~> 1.0, >= 1.0.2)
      i18n (~> 0.7)
      minitest (~> 5.1)
      tzinfo (~> 1.1)
    concurrent-ruby (1.0.4)
    i18n (0.8.1)
    minitest (5.10.1)
    pg (0.21.0)
    sqlite3 (1.3.13)
    thread_safe (0.3.6)
    tzinfo (1.2.2)
      thread_safe (~> 0.1)

PLATFORMS
  ruby

DEPENDENCIES
  bloc_record!
  pg

BUNDLED WITH
   1.13.6
